PATH
  remote: .
  specs:
    bitstamp-client (0.1.0)
      typhoeus (~> 1.3.0)

GEM
  remote: http://rubygems.org/
  specs:
    builder (3.2.3)
    diff-lcs (1.3)
    ethon (0.11.0)
      ffi (>= 1.3.0)
    ffi (1.9.18)
    rack (2.0.3)
    rack-test (0.8.2)
      rack (>= 1.0, < 3)
    rake (12.3.0)
    rspec (3.7.0)
      rspec-core (~> 3.7.0)
      rspec-expectations (~> 3.7.0)
      rspec-mocks (~> 3.7.0)
    rspec-core (3.7.0)
      rspec-support (~> 3.7.0)
    rspec-expectations (3.7.0)
      diff-lcs (>= 1.2.0, < 2.0)
      rspec-support (~> 3.7.0)
    rspec-mocks (3.7.0)
      diff-lcs (>= 1.2.0, < 2.0)
      rspec-support (~> 3.7.0)
    rspec-support (3.7.0)
    typhoeus (1.3.0)
      ethon (>= 0.9.0)

PLATFORMS
  ruby

DEPENDENCIES
  bitstamp-client!
  builder (~> 3.2.3)
  rack-test (~> 0.8.2)
  rake (~> 12.3.0)
  rspec (~> 3.7.0)
  typhoeus (~> 1.3.0)

BUNDLED WITH
   1.16.0
